GIT
  remote: git://github.com/ericam/accoutrement
  revision: 1cb07e4005f36ebcc4d5a88e7cbcd61b2631db48
  branch: master
  specs:
    accoutrement (0.0.5)
      compass (>= 0.12.2)

GEM
  remote: http://rubygems.org/
  specs:
    breakpoint (2.2.0)
      compass (~> 0.13.alpha.7)
      sass (~> 3.3.0.rc.1)
    chunky_png (1.2.9)
    compass (0.13.alpha.12)
      chunky_png (~> 1.2)
      json
      listen (~> 1.1.0)
      sass (~> 3.3.0.rc.1)
    ffi (1.9.3)
    json (1.8.1)
    listen (1.1.6)
      rb-fsevent (>= 0.9.3)
      rb-inotify (>= 0.9)
      rb-kqueue (>= 0.2)
    modular-scale (1.0.6)
      compass (>= 0.12.1)
      sass (>= 3.2.0)
      sassy-math (>= 1.5)
    rb-fsevent (0.9.3)
    rb-inotify (0.9.2)
      ffi (>= 0.5.0)
    rb-kqueue (0.2.0)
      ffi (>= 0.5.0)
    sass (3.3.0.rc.2)
      listen (~> 1.1.0)
    sassy-math (1.5)
      compass (~> 0.11)
    susy (2.0.0.alpha.6)
      sass (~> 3.3.0.rc.1)

PLATFORMS
  ruby

DEPENDENCIES
  accoutrement!
  breakpoint (~> 2.2.0)
  compass (~> 0.13.alpha.12)
  modular-scale (~> 1.0.2)
  sass (~> 3.3.0.rc.2)
  susy (= 2.0.0.alpha.6)
